GEM
  remote: http://rubygems.org/
  specs:
    activerecord (2.3.14)
      activesupport (= 2.3.14)
    activesupport (2.3.14)
    pg (0.13.2)
    rack (1.6.11)
    rack-protection (1.5.5)
      rack
    sinatra (1.3.1)
      rack (~> 1.3, >= 1.3.4)
      rack-protection (~> 1.1, >= 1.1.2)
      tilt (~> 1.3, >= 1.3.3)
    tilt (1.3.3)

PLATFORMS
  ruby

DEPENDENCIES
  activerecord (= 2.3.14)
  activesupport (= 2.3.14)
  pg
  sinatra
